NUGET
  remote: https://nuget.org/api/v2
  specs:
    FAKE (4.2.0)
    FsCheck (2.0.7)
      FSharp.Core (>= 3.1.2.5)
    FSharp.Compiler.Service (1.4.0.1)
    FSharp.Core (4.0.0.1) - framework: >= net45
    FSharp.Formatting (2.10.0)
      FSharp.Compiler.Service (>= 0.0.87)
      FSharpVSPowerTools.Core (1.8.0)
    FSharpVSPowerTools.Core (1.8.0)
      FSharp.Compiler.Service (>= 0.0.87)
    Microsoft.Bcl (1.1.10)
      Microsoft.Bcl.Build (>= 1.0.14)
    Microsoft.Bcl.Build (1.0.21)
    Microsoft.Net.Http (2.2.29)
      Microsoft.Bcl (>= 1.1.10)
      Microsoft.Bcl.Build (>= 1.0.14)
    Octokit (0.14.0)
      Microsoft.Net.Http
    SourceLink.Fake (1.1.0)
    Unquote (3.0.0)
    xunit (2.0.0)
      xunit.assert (2.0.0)
      xunit.core (2.0.0)
    xunit.abstractions (2.0.0)
    xunit.assert (2.0.0)
    xunit.core (2.0.0)
      xunit.extensibility.core (2.0.0)
    xunit.extensibility.core (2.0.0)
      xunit.abstractions (2.0.0)
    xunit.runner.console (2.0.0)
GITHUB
  remote: fsharp/FAKE
  specs:
    modules/Octokit/Octokit.fsx (685260a9c17d25733c7f46d7e69d833ad372f240)
      Octokit